GIT
  remote: https://github.com/malomalo/ruby-ejs.git
  revision: b10a89a5119da82c7d28f5114d7bb4fa8cfdf27c
  specs:
    ruby-ejs (1.2.0)

PATH
  remote: .
  specs:
    condenser (1.2)
      erubi (~> 1.0)
      listen
      rack (> 1, < 3)

GEM
  remote: https://rubygems.org/
  specs:
    activesupport (7.0.4)
      concurrent-ruby (~> 1.0, >= 1.0.2)
      i18n (>= 1.6, < 2)
      minitest (>= 5.1)
      tzinfo (~> 2.0)
    ansi (1.5.0)
    brotli (0.4.0)
    builder (3.2.4)
    byebug (11.1.3)
    concurrent-ruby (1.1.10)
    docile (1.4.0)
    erubi (1.11.0)
    ffi (1.15.5)
    i18n (1.12.0)
      concurrent-ruby (~> 1.0)
    listen (3.7.1)
      rb-fsevent (~> 0.10, >= 0.10.3)
      rb-inotify (~> 0.9, >= 0.9.10)
    minitest (5.16.3)
    minitest-reporters (1.5.0)
      ansi
      builder
      minitest (>= 5.0)
      ruby-progressbar
    mocha (1.11.2)
    rack (2.2.3)
    rack-test (1.1.0)
      rack (>= 1.0, < 3)
    rake (13.0.6)
    rb-fsevent (0.11.0)
    rb-inotify (0.10.1)
      ffi (~> 1.0)
    ruby-progressbar (1.11.0)
    sassc (2.4.0)
      ffi (~> 1.9)
    simplecov (0.21.2)
      docile (~> 1.1)
      simplecov-html (~> 0.11)
      simplecov_json_formatter (~> 0.1)
    simplecov-html (0.12.3)
    simplecov_json_formatter (0.1.4)
    tzinfo (2.0.5)
      concurrent-ruby (~> 1.0)
    zopfli (0.1.0)

PLATFORMS
  ruby

DEPENDENCIES
  activesupport
  brotli
  bundler
  byebug
  condenser!
  minitest
  minitest-reporters
  mocha
  rack-test
  rake
  ruby-ejs!
  sassc (>= 2.2.0, < 3.0)
  simplecov
  zopfli (~> 0.1.0)

BUNDLED WITH
   2.2.22
