GIT
  remote: https://github.com/malomalo/ruby-ejs.git
  revision: b10a89a5119da82c7d28f5114d7bb4fa8cfdf27c
  specs:
    ruby-ejs (1.2.0)

PATH
  remote: .
  specs:
    condenser (1.1)
      erubi (~> 1.0)
      listen
      rack (> 1, < 3)

GEM
  remote: https://rubygems.org/
  specs:
    activesupport (6.1.0)
      concurrent-ruby (~> 1.0, >= 1.0.2)
      i18n (>= 1.6, < 2)
      minitest (>= 5.1)
      tzinfo (~> 2.0)
      zeitwerk (~> 2.3)
    ansi (1.5.0)
    brotli (0.2.3)
    builder (3.2.4)
    byebug (11.1.3)
    concurrent-ruby (1.1.7)
    docile (1.3.2)
    erubi (1.10.0)
    ffi (1.13.1)
    i18n (1.8.5)
      concurrent-ruby (~> 1.0)
    listen (3.3.3)
      rb-fsevent (~> 0.10, >= 0.10.3)
      rb-inotify (~> 0.9, >= 0.9.10)
    minitest (5.14.2)
    minitest-reporters (1.4.2)
      ansi
      builder
      minitest (>= 5.0)
      ruby-progressbar
    mocha (1.11.2)
    rack (2.2.3)
    rack-test (1.1.0)
      rack (>= 1.0, < 3)
    rake (13.0.1)
    rb-fsevent (0.10.4)
    rb-inotify (0.10.1)
      ffi (~> 1.0)
    ruby-progressbar (1.10.1)
    sassc (2.4.0)
      ffi (~> 1.9)
    simplecov (0.20.0)
      docile (~> 1.1)
      simplecov-html (~> 0.11)
      simplecov_json_formatter (~> 0.1)
    simplecov-html (0.12.3)
    simplecov_json_formatter (0.1.2)
    tzinfo (2.0.3)
      concurrent-ruby (~> 1.0)
    zeitwerk (2.4.2)
    zopfli (0.0.8)

PLATFORMS
  ruby

DEPENDENCIES
  activesupport
  brotli
  bundler
  byebug
  condenser!
  minitest
  minitest-reporters
  mocha
  rack-test
  rake
  ruby-ejs!
  sassc (>= 2.2.0, < 3.0)
  simplecov
  zopfli (~> 0.0.7)

BUNDLED WITH
   2.1.4
