GIT
  remote: https://github.com/malomalo/ruby-ejs.git
  revision: b10a89a5119da82c7d28f5114d7bb4fa8cfdf27c
  specs:
    ruby-ejs (1.2.0)

PATH
  remote: .
  specs:
    condenser (1.2)
      erubi (~> 1.0)
      listen
      rack (> 1, < 4)

GEM
  remote: https://rubygems.org/
  specs:
    activesupport (3.1.12)
      multi_json (~> 1.0)
    ansi (1.5.0)
    brotli (0.4.0)
    builder (3.2.4)
    byebug (11.1.3)
    erubi (1.11.0)
    ffi (1.15.5)
    listen (3.7.1)
      rb-fsevent (~> 0.10, >= 0.10.3)
      rb-inotify (~> 0.9, >= 0.9.10)
    minitest (5.15.0)
    minitest-reporters (1.5.0)
      ansi
      builder
      minitest (>= 5.0)
      ruby-progressbar
    mocha (2.0.2)
      ruby2_keywords (>= 0.0.5)
    multi_json (1.15.0)
    rack (3.0.4.1)
    rack-test (2.0.2)
      rack (>= 1.3)
    rake (13.0.6)
    rb-fsevent (0.11.0)
    rb-inotify (0.10.1)
      ffi (~> 1.0)
    ruby-progressbar (1.11.0)
    ruby2_keywords (0.0.5)
    sassc (2.4.0)
      ffi (~> 1.9)
    simplecov (0.3.9)
      simplecov-html (>= 0.3.7)
    simplecov-html (0.12.3)
    zopfli (0.1.0)

PLATFORMS
  ruby

DEPENDENCIES
  activesupport
  brotli
  bundler
  byebug
  condenser!
  minitest
  minitest-reporters
  mocha
  rack-test
  rake
  ruby-ejs!
  sassc (>= 2.2.0, < 3.0)
  simplecov
  zopfli (~> 0.1.0)

BUNDLED WITH
   2.2.22
